PATH
  remote: .
  specs:
    sentry-sanitizer (0.2.1)
      sentry-ruby (~> 4.3.0)

GEM
  remote: https://rubygems.org/
  specs:
    codecov (0.4.3)
      simplecov (>= 0.15, < 0.22)
    concurrent-ruby (1.1.8)
    diff-lcs (1.4.4)
    docile (1.3.5)
    faraday (1.3.0)
      faraday-net_http (~> 1.0)
      multipart-post (>= 1.2, < 3)
      ruby2_keywords
    faraday-net_http (1.0.1)
    multipart-post (2.1.1)
    rack (2.2.3)
    rake (10.5.0)
    rspec (3.10.0)
      rspec-core (~> 3.10.0)
      rspec-expectations (~> 3.10.0)
      rspec-mocks (~> 3.10.0)
    rspec-core (3.10.1)
      rspec-support (~> 3.10.0)
    rspec-expectations (3.10.1)
      diff-lcs (>= 1.2.0, < 2.0)
      rspec-support (~> 3.10.0)
    rspec-mocks (3.10.2)
      diff-lcs (>= 1.2.0, < 2.0)
      rspec-support (~> 3.10.0)
    rspec-support (3.10.2)
    ruby2_keywords (0.0.4)
    sentry-ruby (4.3.0)
      concurrent-ruby (~> 1.0, >= 1.0.2)
      faraday (>= 1.0)
      sentry-ruby-core (= 4.3.0)
    sentry-ruby-core (4.3.0)
      concurrent-ruby
      faraday
    simplecov (0.18.5)
      docile (~> 1.1)
      simplecov-html (~> 0.11)
    simplecov-html (0.12.3)

PLATFORMS
  ruby

DEPENDENCIES
  bundler (>= 1.17)
  codecov
  rack
  rake (~> 10.0)
  rspec (~> 3.0)
  sentry-sanitizer!
  simplecov (~> 0.18.5)

BUNDLED WITH
   2.2.14
